GIT
  remote: git://github.com/tijn/measurebation.git
  revision: 1b1d0a05a42bb7553c4251914371a9b2b39a1082
  specs:
    measurebation (0.0.6)
      fastercsv
      ruby-prof (>= 0.13.0)

GIT
  remote: git://github.com/tijn/reactive_array.git
  revision: 081ba5f0410626eac52e1b755a3943e54ea3d6ee
  specs:
    reactive_array (1.0)

GEM
  remote: http://rubygems.org/
  specs:
    active_support (3.0.0)
      activesupport (= 3.0.0)
    activesupport (3.0.0)
    diff-lcs (1.1.3)
    fast_xs (0.8.0)
    fastercsv (1.5.5)
    i18n (0.4.0)
    rake (0.9.2)
    rspec (2.9.0)
      rspec-core (~> 2.9.0)
      rspec-expectations (~> 2.9.0)
      rspec-mocks (~> 2.9.0)
    rspec-core (2.9.0)
    rspec-expectations (2.9.0)
      diff-lcs (~> 1.1.3)
    rspec-mocks (2.9.0)
    ruby-prof (0.13.0)

PLATFORMS
  ruby

DEPENDENCIES
  active_support
  fast_xs
  i18n
  measurebation!
  rake
  reactive_array!
  rspec
